PATH
  remote: .
  specs:
    waru (0.1.0)

GEM
  remote: https://rubygems.org/
  specs:
    logger (1.6.1)
    power_assert (2.0.4)
    prism (1.0.0)
    rake (13.2.1)
    rbs (3.6.1)
      logger
    rbs-inline (0.9.0)
      prism (>= 0.29, < 1.1)
      rbs (>= 3.5.0)
    test-unit (3.6.2)
      power_assert

PLATFORMS
  arm64-darwin-23
  ruby

DEPENDENCIES
  rake (~> 13.0)
  rbs-inline (~> 0.9.0)
  test-unit (~> 3.0)
  waru!

BUNDLED WITH
   2.5.11
